PATH
  remote: .
  specs:
    sql_search_parser (0.0.4)

GEM
  remote: http://rubygems.org/
  specs:
    minitest (5.3.1)
    racc (1.4.11)
    rake (10.1.1)
    rexical (1.0.5)

PLATFORMS
  ruby

DEPENDENCIES
  minitest
  racc
  rake
  rexical
  sql_search_parser!
